NUGET
  remote: https://api.nuget.org/v3/index.json
    FSharp.Core (5.0.2) - restriction: >= net50
    Giraffe (5.0)
      FSharp.Core (>= 5.0) - restriction: >= net50
      Giraffe.ViewEngine (>= 1.3) - restriction: >= net50
      Microsoft.IO.RecyclableMemoryStream (>= 1.3.6) - restriction: >= net50
      Newtonsoft.Json (>= 12.0.3) - restriction: >= net50
      Ply (>= 0.3.1) - restriction: >= net50
      System.Text.Json (>= 5.0.2) - restriction: >= net50
      Utf8Json (>= 1.3.7) - restriction: >= net50
    Giraffe.ViewEngine (1.4) - restriction: >= net50
      FSharp.Core (>= 5.0) - restriction: >= netstandard2.0
    Microsoft.IO.RecyclableMemoryStream (2.1.2) - restriction: >= net50
    Newtonsoft.Json (13.0.1) - restriction: >= net50
    Ply (0.3.1) - restriction: >= net50
      FSharp.Core (>= 4.6.2) - restriction: >= netstandard2.0
      System.Threading.Tasks.Extensions (>= 4.5.4) - restriction: >= netstandard2.0
    System.Reflection.Emit (4.7) - restriction: >= net50
    System.Reflection.Emit.Lightweight (4.7) - restriction: >= net50
    System.Text.Json (5.0.2) - restriction: >= net50
    System.Threading.Tasks.Extensions (4.5.4) - restriction: >= net50
    System.ValueTuple (4.5) - restriction: >= net50
    Utf8Json (1.3.7) - restriction: >= net50
      System.Reflection.Emit (>= 4.3) - restriction: || (&& (>= net45) (< netstandard2.0)) (&& (< net45) (>= netstandard2.0)) (>= net47)
      System.Reflection.Emit.Lightweight (>= 4.3) - restriction: || (&& (>= net45) (< netstandard2.0)) (&& (< net45) (>= netstandard2.0)) (>= net47)
      System.Threading.Tasks.Extensions (>= 4.4) - restriction: || (&& (>= net45) (< netstandard2.0)) (&& (< net45) (>= netstandard2.0)) (>= net47)
      System.ValueTuple (>= 4.4) - restriction: || (&& (>= net45) (< netstandard2.0)) (&& (< net45) (>= netstandard2.0)) (>= net47)
